GEM
  remote: https://rubygems.org/
  specs:
    actionpack (7.0.8)
      actionview (= 7.0.8)
      activesupport (= 7.0.8)
      rack (~> 2.0, >= 2.2.4)
      rack-test (>= 0.6.3)
      rails-dom-testing (~> 2.0)
      rails-html-sanitizer (~> 1.0, >= 1.2.0)
    actionview (7.0.8)
      activesupport (= 7.0.8)
      builder (~> 3.1)
      erubi (~> 1.4)
      rails-dom-testing (~> 2.0)
      rails-html-sanitizer (~> 1.1, >= 1.2.0)
    activesupport (7.0.8)
      concurrent-ruby (~> 1.0, >= 1.0.2)
      i18n (>= 1.6, < 2)
      minitest (>= 5.1)
      tzinfo (~> 2.0)
    builder (3.2.4)
    concurrent-ruby (1.2.2)
    crass (1.0.6)
    erubi (1.12.0)
    execjs (2.9.1)
    faraday (1.10.3)
      faraday-em_http (~> 1.0)
      faraday-em_synchrony (~> 1.0)
      faraday-excon (~> 1.1)
      faraday-httpclient (~> 1.0)
      faraday-multipart (~> 1.0)
      faraday-net_http (~> 1.0)
      faraday-net_http_persistent (~> 1.0)
      faraday-patron (~> 1.0)
      faraday-rack (~> 1.0)
      faraday-retry (~> 1.0)
      ruby2_keywords (>= 0.0.4)
    faraday-em_http (1.0.0)
    faraday-em_synchrony (1.0.0)
    faraday-excon (1.1.0)
    faraday-httpclient (1.0.1)
    faraday-multipart (1.0.4)
      multipart-post (~> 2)
    faraday-net_http (1.0.1)
    faraday-net_http_persistent (1.2.0)
    faraday-patron (1.0.0)
    faraday-rack (1.0.0)
    faraday-retry (1.0.3)
    faraday_middleware (1.2.0)
      faraday (~> 1.0)
    i18n (1.14.1)
      concurrent-ruby (~> 1.0)
    json (2.6.3)
    kindlerb (1.2.0)
      mustache
      nokogiri
    loofah (2.21.3)
      crass (~> 1.0.2)
      nokogiri (>= 1.12.0)
    mini_portile2 (2.8.4)
    minitest (5.20.0)
    multipart-post (2.3.0)
    mustache (1.1.1)
    nokogiri (1.15.4)
      mini_portile2 (~> 2.8.2)
      racc (~> 1.4)
    psych (5.1.0)
      stringio
    racc (1.7.1)
    rack (2.2.8)
    rack-test (2.1.0)
      rack (>= 1.3)
    rails-dom-testing (2.2.0)
      activesupport (>= 5.0.0)
      minitest
      nokogiri (>= 1.6)
    rails-html-sanitizer (1.6.0)
      loofah (~> 2.21)
      nokogiri (~> 1.14)
    rake (13.0.6)
    rdoc (6.5.0)
      psych (>= 4.0.0)
    redcarpet (3.5.1)
    rexml (3.2.6)
    rouge (4.1.3)
    ruby2_keywords (0.0.5)
    rubyzip (2.3.2)
    sdoc (2.6.1)
      rdoc (>= 5.0)
    stringio (3.0.8)
    tzinfo (2.0.6)
      concurrent-ruby (~> 1.0)
    w3c_validators (1.3.7)
      json (>= 1.8)
      nokogiri (~> 1.6)
      rexml (~> 3.2)

PLATFORMS
  ruby

DEPENDENCIES
  actionpack (~> 7.0.0)
  activesupport (~> 7.0.0)
  execjs
  faraday
  faraday_middleware
  kindlerb (~> 1.2.0)
  rake (>= 11.1)
  redcarpet (~> 3.5.0, >= 3.5.1)
  rouge
  rubyzip (~> 2.0)
  sdoc (>= 2.2.0)
  w3c_validators (~> 1.3.6)

BUNDLED WITH
   2.5.11
