GEM
  remote: https://rubygems.org/
  specs:
    actionpack (6.0.0)
      actionview (= 6.0.0)
      activesupport (= 6.0.0)
      rack (~> 2.0)
      rack-test (>= 0.6.3)
      rails-dom-testing (~> 2.0)
      rails-html-sanitizer (~> 1.0, >= 1.2.0)
    actionview (6.0.0)
      activesupport (= 6.0.0)
      builder (~> 3.1)
      erubi (~> 1.4)
      rails-dom-testing (~> 2.0)
      rails-html-sanitizer (~> 1.1, >= 1.2.0)
    activesupport (6.0.0)
      concurrent-ruby (~> 1.0, >= 1.0.2)
      i18n (>= 0.7, < 2)
      minitest (~> 5.1)
      tzinfo (~> 1.1)
      zeitwerk (~> 2.1, >= 2.1.8)
    builder (3.2.3)
    concurrent-ruby (1.1.5)
    crass (1.0.5)
    erubi (1.9.0)
    i18n (1.6.0)
      concurrent-ruby (~> 1.0)
    json (2.1.0)
    kindlerb (1.2.0)
      mustache
      nokogiri
    loofah (2.3.1)
      crass (~> 1.0.2)
      nokogiri (>= 1.5.9)
    mini_portile2 (2.4.0)
    minitest (5.12.2)
    mustache (1.1.0)
    nokogiri (1.10.5)
      mini_portile2 (~> 2.4.0)
    rack (2.0.7)
    rack-test (1.1.0)
      rack (>= 1.0, < 3)
    rails-dom-testing (2.0.3)
      activesupport (>= 4.2.0)
      nokogiri (>= 1.6)
    rails-html-sanitizer (1.2.0)
      loofah (~> 2.2, >= 2.2.2)
    rake (12.3.2)
    rdoc (6.0.4)
    redcarpet (3.2.3)
    sdoc (1.0.0)
      rdoc (>= 5.0)
    thread_safe (0.3.6)
    tzinfo (1.2.5)
      thread_safe (~> 0.1)
    w3c_validators (1.3.4)
      json (>= 1.8)
      nokogiri (~> 1.6)
    zeitwerk (2.1.10)

PLATFORMS
  ruby

DEPENDENCIES
  actionpack (~> 6.0.0)
  activesupport (~> 6.0.0)
  kindlerb (~> 1.2.0)
  rake (>= 11.1)
  redcarpet (~> 3.2.3)
  sdoc (~> 1.0)
  w3c_validators

BUNDLED WITH
   1.17.2
